GEM
  remote: http://rubygems.org/
  specs:
    actionmailer (2.3.17)
      actionpack (= 2.3.17)
    actionpack (2.3.17)
      activesupport (= 2.3.17)
      rack (~> 1.1.0)
    activerecord (2.3.17)
      activesupport (= 2.3.17)
    activeresource (2.3.17)
      activesupport (= 2.3.17)
    activesupport (2.3.17)
    acts-as-taggable-on (2.1.1)
      rails
    bcrypt-ruby (3.0.1)
    cocaine (0.4.2)
    coderay (1.0.9)
    daemons (1.1.9)
    exception_notification (2.3.3.0)
    ffi (1.0.11)
    guard (1.6.2)
      listen (>= 0.6.0)
      lumberjack (>= 1.0.2)
      pry (>= 0.9.10)
      terminal-table (>= 1.4.3)
      thor (>= 0.14.6)
    guard-bundler (1.0.0)
      bundler (~> 1.0)
      guard (~> 1.1)
    guard-minitest (0.5.0)
      guard (>= 0.4)
    haml (3.1.8)
    hoe (3.5.1)
      rake (>= 0.8, < 11.0)
    libnotify (0.7.4)
      ffi (~> 1.0.11)
    listen (0.7.3)
    lumberjack (1.0.2)
    mailtrap (0.2.1)
      daemons (>= 1.0.8)
      hoe (>= 1.3.0)
      trollop (>= 1.7)
    maruku (0.6.1)
      syntax (>= 1.0.0)
    method_source (0.8.1)
    mime-types (1.21)
    paperclip (2.4.5)
      activerecord (>= 2.3.0)
      activesupport (>= 2.3.2)
      cocaine (>= 0.0.2)
      mime-types
    pg (0.14.1)
    pry (0.9.12)
      coderay (~> 1.0.5)
      method_source (~> 0.8)
      slop (~> 3.4)
    rack (1.1.6)
    rails (2.3.17)
      actionmailer (= 2.3.17)
      actionpack (= 2.3.17)
      activerecord (= 2.3.17)
      activeresource (= 2.3.17)
      activesupport (= 2.3.17)
      rake (>= 0.8.3)
    rake (0.9.6)
    rb-inotify (0.8.8)
      ffi (>= 0.5.0)
    slop (3.4.3)
    spork (0.8.5)
    spork-testunit (0.0.8)
      spork (>= 0.6.0)
    ssl_requirement (0.1.0)
    syntax (1.0.0)
    terminal-table (1.4.5)
    thor (0.17.0)
    trollop (2.0)

PLATFORMS
  ruby

DEPENDENCIES
  acts-as-taggable-on (~> 2.1.0)
  bcrypt-ruby (~> 3.0.1)
  exception_notification (~> 2.3.3.0)
  guard-bundler (~> 1.0.0)
  guard-minitest (~> 0.5.0)
  haml (~> 3.1.4)
  libnotify (~> 0.7.4)
  mailtrap (~> 0.2.1)
  maruku (~> 0.6.0)
  paperclip (~> 2.4.5)
  pg (~> 0.14.0)
  rails (~> 2.3.16)
  rake (~> 0.9.2)
  rb-inotify (~> 0.8.8)
  spork (~> 0.8.5)
  spork-testunit (~> 0.0.8)
  ssl_requirement (~> 0.1.0)
