GEM
  remote: http://rubygems.org/
  specs:
    actionmailer (2.3.14)
      actionpack (= 2.3.14)
    actionpack (2.3.14)
      activesupport (= 2.3.14)
      rack (~> 1.1.0)
    activerecord (2.3.14)
      activesupport (= 2.3.14)
    activeresource (2.3.14)
      activesupport (= 2.3.14)
    activesupport (2.3.14)
    bcrypt-ruby (3.0.1)
    cocaine (0.2.0)
    exception_notification (2.3.3.0)
    ffi (1.0.11)
    guard (0.8.8)
      thor (~> 0.14.6)
    guard-minitest (0.4.0)
      guard (~> 0.4)
    libnotify (0.6.0)
    mime-types (1.17.2)
    paperclip (2.4.5)
      activerecord (>= 2.3.0)
      activesupport (>= 2.3.2)
      cocaine (>= 0.0.2)
      mime-types
    rack (1.1.2)
    rails (2.3.14)
      actionmailer (= 2.3.14)
      actionpack (= 2.3.14)
      activerecord (= 2.3.14)
      activeresource (= 2.3.14)
      activesupport (= 2.3.14)
      rake (>= 0.8.3)
    rake (0.9.2.2)
    rb-inotify (0.8.8)
      ffi (>= 0.5.0)
    sqlite3 (1.3.5)
    sqlite3-ruby (1.3.3)
      sqlite3 (>= 1.3.3)
    ssl_requirement (0.1.0)
    thor (0.14.6)

PLATFORMS
  ruby

DEPENDENCIES
  bcrypt-ruby (~> 3.0.1)
  exception_notification (~> 2.3.3.0)
  guard-minitest
  libnotify
  paperclip (~> 2.4.5)
  rails (~> 2.3.14)
  rb-inotify
  sqlite3-ruby
  ssl_requirement (~> 0.1.0)
