GIT
  remote: git://github.com/collectiveidea/delayed_job.git
  revision: f03ad12b3e1511016d1b3769fc7fd8c8d6e00387
  branch: v2.0
  specs:
    delayed_job (2.0.8)
      activesupport (~> 2.0)
      daemons (= 1.0.10)

GEM
  remote: https://rubygems.org/
  specs:
    actionmailer (2.3.18)
      actionpack (= 2.3.18)
    actionpack (2.3.18)
      activesupport (= 2.3.18)
      rack (~> 1.1.0)
    activerecord (2.3.18)
      activesupport (= 2.3.18)
    activeresource (2.3.18)
      activesupport (= 2.3.18)
    activesupport (2.3.18)
    acts-as-taggable-on (2.1.1)
      rails
    bcrypt-ruby (3.0.1)
    cocaine (0.4.2)
    coderay (1.1.0)
    daemons (1.0.10)
    dotenv (0.9.0)
    exception_notification (2.3.3.0)
    ffi (1.0.11)
    foreman (0.63.0)
      dotenv (>= 0.7)
      thor (>= 0.13.6)
    formatador (0.2.4)
    guard (1.7.0)
      formatador (>= 0.2.4)
      listen (>= 0.6.0)
      lumberjack (>= 1.0.2)
      pry (>= 0.9.10)
      thor (>= 0.14.6)
    guard-bundler (1.0.0)
      bundler (~> 1.0)
      guard (~> 1.1)
    guard-minitest (0.5.0)
      guard (>= 0.4)
    haml (3.1.8)
    hoe (3.7.1)
      rake (>= 0.8, < 11.0)
    kgio (2.8.1)
    libnotify (0.7.4)
      ffi (~> 1.0.11)
    listen (0.7.3)
    lumberjack (1.0.4)
    mailtrap (0.2.1)
      daemons (>= 1.0.8)
      hoe (>= 1.3.0)
      trollop (>= 1.7)
    maruku (0.6.1)
      syntax (>= 1.0.0)
    method_source (0.8.2)
    mime-types (2.0)
    paperclip (2.4.5)
      activerecord (>= 2.3.0)
      activesupport (>= 2.3.2)
      cocaine (>= 0.0.2)
      mime-types
    pg (0.14.1)
    pry (0.9.12.4)
      coderay (~> 1.0)
      method_source (~> 0.8)
      slop (~> 3.4)
    rack (1.1.6)
    rails (2.3.18)
      actionmailer (= 2.3.18)
      actionpack (= 2.3.18)
      activerecord (= 2.3.18)
      activeresource (= 2.3.18)
      activesupport (= 2.3.18)
      rake (>= 0.8.3)
    raindrops (0.12.0)
    rake (0.9.6)
    rb-inotify (0.8.8)
      ffi (>= 0.5.0)
    slop (3.4.7)
    spork (0.8.5)
    spork-testunit (0.0.8)
      spork (>= 0.6.0)
    ssl_requirement (0.1.0)
    syntax (1.0.0)
    thor (0.18.1)
    trollop (2.0)
    unicorn (4.7.0)
      kgio (~> 2.6)
      rack
      raindrops (~> 0.7)

PLATFORMS
  ruby

DEPENDENCIES
  acts-as-taggable-on (~> 2.1.0)
  bcrypt-ruby (~> 3.0.1)
  delayed_job (~> 2.0.4)!
  exception_notification (~> 2.3.3.0)
  foreman
  guard-bundler (~> 1.0.0)
  guard-minitest (~> 0.5.0)
  haml (~> 3.1.4)
  libnotify (~> 0.7.4)
  mailtrap (~> 0.2.1)
  maruku (~> 0.6.0)
  paperclip (~> 2.4.5)
  pg (~> 0.14.0)
  rails (~> 2.3.18)
  rake (~> 0.9.2)
  rb-inotify (~> 0.8.8)
  spork (~> 0.8.5)
  spork-testunit (~> 0.0.8)
  ssl_requirement (~> 0.1.0)
  unicorn (~> 4.7.0)
