GEM
  remote: http://rubygems.org/
  specs:
    actionmailer (2.3.14)
      actionpack (= 2.3.14)
    actionpack (2.3.14)
      activesupport (= 2.3.14)
      rack (~> 1.1.0)
    activerecord (2.3.14)
      activesupport (= 2.3.14)
    activeresource (2.3.14)
      activesupport (= 2.3.14)
    activesupport (2.3.14)
    acts-as-taggable-on (2.1.1)
      rails
    bcrypt-ruby (3.0.1)
    cocaine (0.2.0)
    ffi (1.0.11)
    guard (0.8.8)
      thor (~> 0.14.6)
    guard-bundler (0.1.3)
      bundler (>= 1.0.0)
      guard (>= 0.2.2)
    guard-markdown (0.2.0)
      guard (>= 0.2.2)
      kramdown (~> 0.13.3)
    guard-minitest (0.4.0)
      guard (~> 0.4)
    guard-spork (0.4.1)
      guard (>= 0.8.4)
      spork (>= 0.8.4)
    haml (3.1.4)
    kramdown (0.13.5)
    libnotify (0.6.0)
    maruku (0.6.0)
      syntax (>= 1.0.0)
    mime-types (1.17.2)
    paperclip (2.4.5)
      activerecord (>= 2.3.0)
      activesupport (>= 2.3.2)
      cocaine (>= 0.0.2)
      mime-types
    pg (0.14.0)
    rack (1.1.2)
    rails (2.3.14)
      actionmailer (= 2.3.14)
      actionpack (= 2.3.14)
      activerecord (= 2.3.14)
      activeresource (= 2.3.14)
      activesupport (= 2.3.14)
      rake (>= 0.8.3)
    rake (0.9.2.2)
    rb-inotify (0.8.8)
      ffi (>= 0.5.0)
    spork (0.8.5)
    spork-testunit (0.0.8)
      spork (>= 0.6.0)
    ssl_requirement (0.1.0)
    syntax (1.0.0)
    thor (0.14.6)

PLATFORMS
  ruby

DEPENDENCIES
  acts-as-taggable-on (~> 2.1.0)
  bcrypt-ruby (~> 3.0.1)
  guard-bundler
  guard-markdown
  guard-minitest
  guard-spork
  haml (~> 3.1.4)
  libnotify
  maruku (~> 0.6.0)
  paperclip (~> 2.4.5)
  pg (~> 0.14.0)
  rails (~> 2.3.14)
  rb-inotify
  spork (~> 0.8.5)
  spork-testunit (~> 0.0.8)
  ssl_requirement (~> 0.1.0)
