GEM
  remote: http://rubygems.org/
  specs:
    actionmailer (2.3.14)
      actionpack (= 2.3.14)
    actionpack (2.3.14)
      activesupport (= 2.3.14)
      rack (~> 1.1.0)
    activerecord (2.3.14)
      activesupport (= 2.3.14)
    activeresource (2.3.14)
      activesupport (= 2.3.14)
    activesupport (2.3.14)
    acts-as-taggable-on (2.1.1)
      rails
    bcrypt-ruby (3.0.1)
    cocaine (0.3.0)
    exception_notification (2.3.3.0)
    ffi (1.0.11)
    guard (1.3.3)
      listen (>= 0.4.2)
      thor (>= 0.14.6)
    guard-bundler (1.0.0)
      bundler (~> 1.0)
      guard (~> 1.1)
    guard-markdown (0.2.0)
      guard (>= 0.2.2)
      kramdown (~> 0.13.3)
    guard-minitest (0.5.0)
      guard (>= 0.4)
    haml (3.1.7)
    kramdown (0.13.8)
    libnotify (0.7.4)
      ffi (~> 1.0.11)
    listen (0.5.1)
    maruku (0.6.1)
      syntax (>= 1.0.0)
    mime-types (1.19)
    paperclip (2.7.1)
      activerecord (>= 2.3.0)
      activesupport (>= 2.3.2)
      cocaine (>= 0.0.2)
      mime-types
    pg (0.14.1)
    rack (1.1.3)
    rails (2.3.14)
      actionmailer (= 2.3.14)
      actionpack (= 2.3.14)
      activerecord (= 2.3.14)
      activeresource (= 2.3.14)
      activesupport (= 2.3.14)
      rake (>= 0.8.3)
    rake (0.9.2.2)
    rb-inotify (0.8.8)
      ffi (>= 0.5.0)
    spork (0.8.5)
    spork-testunit (0.0.8)
      spork (>= 0.6.0)
    ssl_requirement (0.1.0)
    syntax (1.0.0)
    thor (0.16.0)

PLATFORMS
  ruby

DEPENDENCIES
  acts-as-taggable-on (~> 2.1.0)
  bcrypt-ruby (~> 3.0.1)
  exception_notification (~> 2.3.3.0)
  guard-bundler (~> 1.0.0)
  guard-markdown (~> 0.2.0)
  guard-minitest (~> 0.5.0)
  haml (~> 3.1.4)
  libnotify (~> 0.7.4)
  maruku (~> 0.6.0)
  paperclip (~> 2.7.1)
  pg (~> 0.14.0)
  rails (~> 2.3.14)
  rb-inotify (~> 0.8.8)
  spork (~> 0.8.5)
  spork-testunit (~> 0.0.8)
  ssl_requirement (~> 0.1.0)
